PATH
  remote: .
  specs:
    franklinjosmell_palindrome (0.2.0)

GEM
  remote: https://rubygems.org/
  specs:
    ansi (1.5.0)
    builder (3.2.3)
    minitest (5.11.3)
    minitest-reporters (1.3.4)
      ansi
      builder
      minitest (>= 5.0)
      ruby-progressbar
    rake (13.0.1)
    ruby-progressbar (1.10.0)

PLATFORMS
  ruby

DEPENDENCIES
  bundler (~> 1.16)
  franklinjosmell_palindrome!
  minitest (~> 5.0)
  minitest-reporters (= 1.3.4)
  rake (~> 13.0)

BUNDLED WITH
   1.16.5
